PATH
  remote: .
  specs:
    cypress-on-rails (0.2.2)
      rack

GEM
  remote: http://rubygems.org/
  specs:
    diff-lcs (1.3)
    rack (1.6.8)
    rspec (3.7.0)
      rspec-core (~> 3.7.0)
      rspec-expectations (~> 3.7.0)
      rspec-mocks (~> 3.7.0)
    rspec-core (3.7.0)
      rspec-support (~> 3.7.0)
    rspec-expectations (3.7.0)
      diff-lcs (>= 1.2.0, < 2.0)
      rspec-support (~> 3.7.0)
    rspec-mocks (3.7.0)
      diff-lcs (>= 1.2.0, < 2.0)
      rspec-support (~> 3.7.0)
    rspec-support (3.7.0)

PLATFORMS
  ruby

DEPENDENCIES
  cypress-on-rails!
  rspec

BUNDLED WITH
   1.15.4
