PATH
  remote: .
  specs:
    cypress-on-rails (0.2.2)
      rack

GEM
  remote: http://rubygems.org/
  specs:
    rack (1.6.8)
    rake (12.3.1)

PLATFORMS
  ruby

DEPENDENCIES
  cypress-on-rails!
  rake

BUNDLED WITH
   1.15.4
